GEM
  remote: https://rubygems.org/
  specs:
    activesupport (5.1.4)
      concurrent-ruby (~> 1.0, >= 1.0.2)
      i18n (~> 0.7)
      minitest (~> 5.1)
      tzinfo (~> 1.1)
    addressable (2.5.2)
      public_suffix (>= 2.0.2, < 4.0)
    concurrent-ruby (1.0.5)
    domain_name (0.5.20170404)
      unf (>= 0.0.5, < 1.0.0)
    http (3.0.0)
      addressable (~> 2.3)
      http-cookie (~> 1.0)
      http-form_data (>= 2.0.0.pre.pre2, < 3)
      http_parser.rb (~> 0.6.0)
    http-cookie (1.0.3)
      domain_name (~> 0.5)
    http-form_data (2.0.0)
    http_parser.rb (0.6.0)
    i18n (0.9.4)
      concurrent-ruby (~> 1.0)
    json (2.1.0)
    jsonpath (0.8.11)
      multi_json
      to_regexp (~> 0.2.1)
    mime-types (3.1)
      mime-types-data (~> 3.2015)
    mime-types-data (3.2016.0521)
    mini_portile2 (2.3.0)
    minitar (0.6.1)
    minitest (5.11.3)
    multi_json (1.13.1)
    nokogiri (1.8.2)
      mini_portile2 (~> 2.3.0)
    nori (2.6.0)
    public_suffix (3.0.2)
    thread_safe (0.3.6)
    to_regexp (0.2.1)
    tzinfo (1.2.5)
      thread_safe (~> 0.1)
    unf (0.1.4)
      unf_ext
    unf_ext (0.0.7.5)

PLATFORMS
  ruby

DEPENDENCIES
  activesupport
  http
  json
  jsonpath
  mime-types
  minitar
  nokogiri
  nori

BUNDLED WITH
   1.15.4
